GEM
  remote: https://rubygems.org/
  specs:
    nio4r (2.7.0)
    puma (6.4.2)
      nio4r (~> 2.0)

PLATFORMS
  x86_64-linux-gnu

DEPENDENCIES
  puma

BUNDLED WITH
   2.4.10
